GEM
  specs:
    coderay (1.1.0)
    colorize (0.7.7)
    method_source (0.8.2)
    pg (0.18.1)
    pry (0.10.1)
      coderay (~> 1.1.0)
      method_source (~> 0.8.1)
      slop (~> 3.4)
    slop (3.6.0)

PLATFORMS
  ruby

DEPENDENCIES
  colorize
  pg
  pry
